GEM
  remote: https://rubygems.org/
  specs:
    json (2.3.1)
    ocra (1.3.11)

PLATFORMS
  ruby

DEPENDENCIES
  json (~> 2.3.1)
  ocra (~> 1.3.11)

BUNDLED WITH
   1.17.2
